GEM
  remote: https://rubygems.org/
  specs:
    chunky_png (1.4.0)
    highline (3.0.1)
    rqrcode (2.2.0)
      chunky_png (~> 1.0)
      rqrcode_core (~> 1.0)
    rqrcode_core (1.2.0)

PLATFORMS
  ruby
  x86_64-linux

DEPENDENCIES
  highline (~> 3.0)
  rqrcode (~> 2.2)

BUNDLED WITH
   2.5.6
